GIT
  remote: git://github.com/jkrall/rspec_junit_formatter.git
  revision: a40f6008cfd085bddb801047760c406d6ea2ed83
  specs:
    rspec_junit_formatter (0.1.0)
      builder
      rspec (~> 2.0)

PATH
  remote: .
  specs:
    ronin (0.1)
      activesupport
      httparty

GEM
  remote: http://rubygems.org/
  specs:
    activesupport (3.1.3)
      multi_json (~> 1.0)
    builder (3.0.0)
    columnize (0.3.6)
    diff-lcs (1.1.3)
    httparty (0.8.1)
      multi_json
      multi_xml
    linecache (0.46)
      rbx-require-relative (> 0.0.4)
    multi_json (1.0.4)
    multi_xml (0.4.1)
    rbx-require-relative (0.0.5)
    rspec (2.7.0)
      rspec-core (~> 2.7.0)
      rspec-expectations (~> 2.7.0)
      rspec-mocks (~> 2.7.0)
    rspec-core (2.7.1)
    rspec-expectations (2.7.0)
      diff-lcs (~> 1.1.2)
    rspec-mocks (2.7.0)
    ruby-debug (0.10.4)
      columnize (>= 0.1)
      ruby-debug-base (~> 0.10.4.0)
    ruby-debug-base (0.10.4)
      linecache (>= 0.3)

PLATFORMS
  ruby

DEPENDENCIES
  bundler (>= 1.0.0)
  ronin!
  rspec (>= 2.6.0)
  rspec_junit_formatter!
  ruby-debug
